GEM
  remote: http://rubygems.org/
  specs:
    adsf (1.2.0)
      rack (>= 1.0.0)
    colored (1.2)
    commonjs (0.2.7)
    cri (2.4.1)
      colored (>= 1.2)
    daemons (1.1.9)
    eventmachine (1.0.3)
    guard (0.3.4)
      thor (~> 0.14.6)
    guard-shell (0.4.0)
      guard (>= 0.2.0)
    kramdown (1.3.1)
    less (2.5.0)
      commonjs (~> 0.2.7)
    libv8 (3.16.14.3)
    mime-types (2.1)
    nanoc (3.6.7)
      cri (~> 2.3)
    rack (1.5.2)
    rack-contrib (1.1.0)
      rack (>= 0.9.1)
    rack-rewrite (1.5.0)
    ref (1.0.5)
    therubyracer (0.12.1)
      libv8 (~> 3.16.14.0)
      ref
    thin (1.6.1)
      daemons (>= 1.0.9)
      eventmachine (>= 1.0.0)
      rack (>= 1.0.0)
    thor (0.14.6)
    yui-compressor (0.12.0)

PLATFORMS
  ruby

DEPENDENCIES
  adsf
  guard
  guard-shell
  kramdown
  less
  mime-types
  nanoc
  rack
  rack-contrib
  rack-rewrite
  therubyracer
  thin
  yui-compressor
