GEM
  remote: http://rubygems.org/
  specs:
    colored (1.2)
    commonjs (0.2.7)
    cri (2.5.0)
      colored (~> 1.2)
    kramdown (1.3.3)
    less (2.5.0)
      commonjs (~> 0.2.7)
    libv8 (3.16.14.3)
    nanoc (3.6.8)
      cri (~> 2.3)
    ref (1.0.5)
    therubyracer (0.12.1)
      libv8 (~> 3.16.14.0)
      ref

PLATFORMS
  ruby

DEPENDENCIES
  kramdown
  less
  nanoc
  therubyracer
